GEM
  remote: http://rubygems.org/
  specs:
    bson (1.4.0)
    git (1.2.5)
    jeweler (1.6.4)
      bundler (~> 1.0)
      git (>= 1.2.5)
      rake
    mongo (1.4.0)
      bson (= 1.4.0)
    rack (1.3.4)
    rake (0.9.2)
    sinatra (1.2.6)
      rack (~> 1.1)
      tilt (< 2.0, >= 1.2.2)
    tilt (1.3.3)

PLATFORMS
  ruby

DEPENDENCIES
  bson
  jeweler (~> 1.6.4)
  mongo
  sinatra
